GEM
  remote: https://rubygems.org/
  specs:
    aws-eventstream (1.2.0)
    aws-partitions (1.765.0)
    aws-sdk-core (3.172.0)
      aws-eventstream (~> 1, >= 1.0.2)
      aws-partitions (~> 1, >= 1.651.0)
      aws-sigv4 (~> 1.5)
      jmespath (~> 1, >= 1.6.1)
    aws-sdk-kms (1.64.0)
      aws-sdk-core (~> 3, >= 3.165.0)
      aws-sigv4 (~> 1.1)
    aws-sdk-s3 (1.122.0)
      aws-sdk-core (~> 3, >= 3.165.0)
      aws-sdk-kms (~> 1)
      aws-sigv4 (~> 1.4)
    aws-sigv4 (1.5.2)
      aws-eventstream (~> 1, >= 1.0.2)
    docker-api (2.2.0)
      excon (>= 0.47.0)
      multi_json
    excon (0.99.0)
    jmespath (1.6.2)
    multi_json (1.15.0)
    ox (2.14.16)
    zstd-ruby (1.5.5.0)

PLATFORMS
  arm64-darwin-22

DEPENDENCIES
  aws-sdk-s3
  docker-api
  ox
  zstd-ruby

BUNDLED WITH
   2.4.7
